PATH
  remote: .
  specs:
    cloud_encrypted_sync_s3_adapter (0.2.0)
      aws-sdk (~> 1.7.1)
      cloud_encrypted_sync (~> 0.3.0)

GEM
  remote: http://rubygems.org/
  specs:
    activesupport (3.2.3)
      i18n (~> 0.6)
      multi_json (~> 1.0)
    aws-sdk (1.7.1)
      httparty (~> 0.7)
      json (~> 1.4)
      nokogiri (>= 1.4.4)
      uuidtools (~> 2.1)
    cloud_encrypted_sync (0.3.0)
    httparty (0.9.0)
      multi_json (~> 1.0)
      multi_xml
    i18n (0.6.0)
    json (1.7.5)
    metaclass (0.0.1)
    mocha (0.11.4)
      metaclass (~> 0.0.1)
    multi_json (1.3.4)
    multi_xml (0.5.1)
    nokogiri (1.5.5)
    rake (0.9.2.2)
    simplecov (0.6.4)
      multi_json (~> 1.0)
      simplecov-html (~> 0.5.3)
    simplecov-html (0.5.3)
    uuidtools (2.1.3)

PLATFORMS
  ruby

DEPENDENCIES
  activesupport
  cloud_encrypted_sync_s3_adapter!
  mocha
  rake
  simplecov
